GEM
  remote: https://rubygems.org/
  specs:
    backport (1.1.2)
    bundle (0.0.1)
      bundler
    debase (0.2.4.1)
      debase-ruby_core_source (>= 0.10.2)
    debase-ruby_core_source (0.10.9)
    json (2.3.0)
    mustermann (1.0.3)
    rack (2.2.2)
    rack-protection (2.0.8.1)
      rack
    rake (13.0.1)
    readapt (1.0.0)
      backport (~> 1.1)
      thor (~> 1.0)
    ruby-debug-ide (0.7.2)
      rake (>= 0.8.1)
    sinatra (2.0.8.1)
      mustermann (~> 1.0)
      rack (~> 2.0)
      rack-protection (= 2.0.8.1)
      tilt (~> 2.0)
    thor (1.0.1)
    tilt (2.0.10)

PLATFORMS
  ruby

DEPENDENCIES
  bundle
  debase
  json
  rack (>= 2.2.2)
  readapt
  ruby-debug-ide
  sinatra

BUNDLED WITH
   2.1.4
